GIT
  remote: https://github.com/genya0407/rakyll
  revision: c9f31dcc456977320eb79369a39a5e20dffa7771
  branch: master
  specs:
    rakyll (0.1.1)
      listen (~> 3.0)
      redcarpet (~> 3.4)
      rmagick (~> 2.12)
      yaml-front-matter (~> 0.0.1)

GEM
  remote: https://rubygems.org/
  specs:
    ffi (1.11.2)
    filewatcher (1.1.1)
      optimist (~> 3.0)
    listen (3.2.0)
      rb-fsevent (~> 0.10, >= 0.10.3)
      rb-inotify (~> 0.9, >= 0.9.10)
    optimist (3.0.0)
    rb-fsevent (0.10.3)
    rb-inotify (0.10.0)
      ffi (~> 1.0)
    redcarpet (3.5.0)
    rmagick (2.16.0)
    yaml-front-matter (0.0.1)

PLATFORMS
  ruby

DEPENDENCIES
  filewatcher
  rakyll!

BUNDLED WITH
   1.16.1
